GEM
  remote: https://rubygems.org/
  specs:
    byebug (5.0.0)
      columnize (= 0.9.0)
    columnize (0.9.0)
    sqlite3 (1.3.10)

PLATFORMS
  ruby

DEPENDENCIES
  byebug
  sqlite3
